GEM
  remote: http://rubygems.org/
  specs:
    coderay (1.0.0)
    haml (3.1.2)
    nokogiri (1.5.0)
    rack (1.3.0)
    rack-codehighlighter (0.5.0)
      nokogiri (>= 1.4.1)
      rack (>= 1.0.0)
    sinatra (1.2.6)
      rack (~> 1.1)
      tilt (>= 1.2.2, < 2.0)
    tilt (1.3.2)

PLATFORMS
  ruby

DEPENDENCIES
  coderay
  haml
  rack-codehighlighter
  sinatra
